GEM
  remote: https://rubygems.org/
  specs:
    airbrussh (1.3.2)
      sshkit (>= 1.6.1, != 1.7.0)
    capistrano (3.6.1)
      airbrussh (>= 1.0.0)
      capistrano-harrow
      i18n
      rake (>= 10.0.0)
      sshkit (>= 1.9.0)
    capistrano-bundler (1.5.0)
      capistrano (~> 3.1)
    capistrano-harrow (0.5.3)
    capistrano-rbenv (2.1.0)
      capistrano (~> 3.1)
      sshkit (~> 1.3)
    capistrano3-puma (1.2.1)
      capistrano (~> 3.0)
      puma (>= 2.6)
    concurrent-ruby (1.1.5)
    i18n (1.6.0)
      concurrent-ruby (~> 1.0)
    net-scp (2.0.0)
      net-ssh (>= 2.6.5, < 6.0.0)
    net-ssh (5.2.0)
    nio4r (2.5.2)
    puma (4.3.5)
      nio4r (~> 2.0)
    rack (1.6.12)
    rack-protection (1.5.5)
      rack
    rake (12.3.2)
    sinatra (1.4.4)
      rack (~> 1.4)
      rack-protection (~> 1.4)
      tilt (~> 1.3, >= 1.3.4)
    sshkit (1.18.2)
      net-scp (>= 1.1.2)
      net-ssh (>= 2.8.0)
    tilt (1.4.1)

PLATFORMS
  ruby

DEPENDENCIES
  capistrano (= 3.6.1)
  capistrano-bundler
  capistrano-rbenv
  capistrano3-puma
  puma
  sinatra

BUNDLED WITH
   1.17.3
